FRAMEWORK: NET462
NUGET
  remote: https://www.nuget.org/api/v2
    Argu (3.7)
    Expecto (4.2.1)
      Argu (>= 3.7)
      FSharp.Core (>= 4.1.12)
      Mono.Cecil (>= 0.9.6.4)
    Expecto.FsCheck (4.2.1)
      Expecto (>= 4.2.1)
      FsCheck (>= 2.8)
      FSharp.Core (>= 4.1.12)
    Expecto.PerfUtil (1.0.12)
      Expecto (>= 1.0.12)
      FSharp.Core (>= 3.1.2.5)
      PerfUtil (>= 0.1.8)
    FAKE (4.61.2)
    FsCheck (2.8.2)
      FSharp.Core (>= 3.1.2.5)
    FSharp.Core (4.1.17)
      System.ValueTuple (>= 4.3)
    Mono.Cecil (0.9.6.4)
    NEventStore (5.2)
    Newtonsoft.Json (10.0.2)
    PerfUtil (0.1.8)
    System.ValueTuple (4.3.1)
